GIT
  remote: git://github.com/amatsuda/i18n_generators.git
  revision: 2bdc9ac
  specs:
    i18n_generators (0.6.0)
      gettext (< 2)

GEM
  remote: http://rubygems.org/
  remote: http://gems.github.com/
  specs:
    SystemTimer (1.2)
    ZenTest (4.3.3)
    actionmailer (2.3.8)
      actionpack (= 2.3.8)
    actionpack (2.3.8)
      activesupport (= 2.3.8)
      rack (~> 1.1.0)
    activerecord (2.3.8)
      activesupport (= 2.3.8)
    activeresource (2.3.8)
      activesupport (= 2.3.8)
    activesupport (2.3.8)
    addressable (2.2.0)
    ambethia-smtp-tls (1.1.2)
    autotest-rails (4.1.0)
      ZenTest
    builder (2.1.2)
    capistrano (2.5.19)
      highline
      net-scp (>= 1.0.0)
      net-sftp (>= 2.0.0)
      net-ssh (>= 2.0.14)
      net-ssh-gateway (>= 1.0.0)
    capistrano-ext (1.2.1)
      capistrano (>= 1.0.0)
    capistrano-notification (0.0.2)
      capistrano
      shout-bot
      validatable
    capybara (0.3.9)
      culerity (>= 0.2.4)
      mime-types (>= 1.16)
      nokogiri (>= 1.3.3)
      rack (>= 1.0.0)
      rack-test (>= 0.5.4)
      selenium-webdriver (>= 0.0.3)
    chronic (0.2.3)
      hoe (>= 1.2.1)
    configatron (2.6.3)
      yamler (>= 0.1.0)
    crack (0.1.6)
    cucumber (0.8.5)
      builder (~> 2.1.2)
      diff-lcs (~> 1.1.2)
      gherkin (~> 2.1.4)
      json_pure (~> 1.4.3)
      term-ansicolor (~> 1.0.4)
    cucumber-rails (0.3.2)
      cucumber (>= 0.8.0)
    culerity (0.2.10)
    daemons (1.1.0)
    database_cleaner (0.5.2)
    delayed_job (2.0.3)
      daemons
    diff-lcs (1.1.2)
    email_spec (0.6.3)
    eventmachine (0.12.10)
    faker (0.3.1)
    fastercsv (1.5.3)
    ffi (0.6.3)
      rake (>= 0.8.7)
    gettext (1.93.0)
    gherkin (2.1.5)
      trollop (~> 1.16.2)
    god (0.11.0)
    haml (3.0.16)
    hashie (0.2.2)
    highline (1.6.1)
    hoe (2.6.1)
      rake (>= 0.8.7)
      rubyforge (>= 2.0.4)
    hoptoad_notifier (2.3.4)
      activesupport
    httparty (0.5.2)
      crack (= 0.1.6)
    json_pure (1.4.6)
    machinist (1.0.6)
    mime-types (1.16)
    moro-miso (0.0.6)
    mysql (2.8.1)
    net-scp (1.0.2)
      net-ssh (>= 1.99.1)
    net-sftp (2.0.4)
      net-ssh (>= 2.0.9)
    net-ssh (2.0.23)
    net-ssh-gateway (1.0.1)
      net-ssh (>= 1.99.1)
    nokogiri (1.4.3.1)
    oauth (0.4.1)
    rack (1.1.0)
    rack-google-analytics (0.6.1)
    rack-openid (1.1.1)
      rack (>= 0.4)
      ruby-openid (>= 2.0.3)
    rack-test (0.5.4)
      rack (>= 1.0)
    rails (2.3.8)
      actionmailer (= 2.3.8)
      actionpack (= 2.3.8)
      activerecord (= 2.3.8)
      activeresource (= 2.3.8)
      activesupport (= 2.3.8)
      rake (>= 0.8.3)
    rails_warden (0.5.2)
      warden
    rake (0.8.7)
    redis (2.0.5)
    redis-objects (0.3.2)
      redis (>= 1.0.3)
    rr (0.10.11)
    rspec (1.3.0)
    rspec-rails (1.3.2)
      rack (>= 1.0.0)
      rspec (>= 1.3.0)
    ruby-openid (2.1.8)
    rubyforge (2.0.4)
      json_pure (>= 1.1.7)
    rubyzip (0.9.4)
    selenium-webdriver (0.0.27)
      ffi (>= 0.6.1)
      json_pure
      rubyzip
    shout-bot (0.0.4)
      addressable
    spork (0.8.4)
    steak (0.3.8)
      rspec (>= 1.3.0)
    term-ansicolor (1.0.5)
    thin (1.2.7)
      daemons (>= 1.0.9)
      eventmachine (>= 0.12.6)
      rack (>= 1.0.0)
    trollop (1.16.2)
    twitter (0.9.8)
      hashie (~> 0.2.0)
      httparty (~> 0.5.0)
      oauth (~> 0.4.1)
      yajl-ruby (~> 0.7.0)
    validatable (1.6.7)
    warden (0.10.7)
      rack (>= 1.0.0)
    warden-openid (0.1.0)
      rack-openid
      warden
    warden_oauth (0.1.1)
      oauth
      warden (>= 0.8.1)
    webrat (0.7.1)
      nokogiri (>= 1.2.0)
      rack (>= 1.0)
      rack-test (>= 0.5.3)
    whenever (0.4.2)
      chronic (>= 0.2.3)
    will_paginate (2.3.14)
    yajl-ruby (0.7.7)
    yamler (0.1.0)

PLATFORMS
  ruby

DEPENDENCIES
  SystemTimer
  ambethia-smtp-tls
  autotest-rails
  capistrano
  capistrano-ext
  capistrano-notification (= 0.0.2)
  capybara
  configatron
  cucumber-rails
  daemons
  database_cleaner
  delayed_job
  email_spec (= 0.6.3)
  faker
  fastercsv
  gettext (< 2)
  god
  haml
  hoptoad_notifier
  i18n_generators!
  machinist
  moro-miso
  mysql
  nokogiri
  rack-google-analytics (= 0.6.1)
  rails (= 2.3.8)
  rails_warden
  redis-objects
  rr
  rspec-rails
  spork
  steak
  thin
  twitter
  warden-openid
  warden_oauth
  webrat
  whenever (= 0.4.2)
  will_paginate
